GEM
  remote: https://rubygems.org/
  specs:
    aws-sdk (2.3.22)
      aws-sdk-resources (= 2.3.22)
    aws-sdk-core (2.3.22)
      jmespath (~> 1.0)
    aws-sdk-resources (2.3.22)
      aws-sdk-core (= 2.3.22)
    jmespath (1.3.1)
    oj (2.15.1)
    ox (2.4.3)
    terraforming (0.9.1)
      aws-sdk (~> 2.3.0)
      oj (~> 2.15.0)
      ox (~> 2.4.0)
      thor
    thor (0.19.1)

PLATFORMS
  ruby

DEPENDENCIES
  terraforming

BUNDLED WITH
   1.12.5
